PATH
  remote: .
  specs:
    stash-clone-tool (1.0.0)
      colorize
      git
      highline
      multiblock

GEM
  remote: https://rubygems.org/
  specs:
    colorize (0.7.7)
    git (1.2.9.1)
    highline (1.7.2)
    multiblock (0.2.1)
    rake (10.4.2)

PLATFORMS
  ruby

DEPENDENCIES
  bundler (~> 1.10)
  rake (~> 10.0)
  stash-clone-tool!

BUNDLED WITH
   1.10.6
