PATH
  remote: .
  specs:
    stash-clone-tool (1.0.6)
      colorize (~> 0.7.7)
      git (~> 1.2, >= 1.2.9.1)
      highline (~> 1.7, >= 1.7.3)
      multiblock (~> 0.2.1)

GEM
  remote: https://rubygems.org/
  specs:
    ast (2.3.0)
    childprocess (0.5.9)
      ffi (~> 1.0, >= 1.0.11)
    colorize (0.7.7)
    ffi (1.9.14)
    git (1.3.0)
    highline (1.7.8)
    iniparse (1.4.2)
    multiblock (0.2.1)
    overcommit (0.37.0)
      childprocess (~> 0.5.8)
      iniparse (~> 1.4)
    parser (2.3.3.1)
      ast (~> 2.2)
    powerpack (0.1.1)
    rainbow (2.2.1)
    rake (10.5.0)
    rubocop (0.46.0)
      parser (>= 2.3.1.1, < 3.0)
      powerpack (~> 0.1)
      rainbow (>= 1.99.1, < 3.0)
      ruby-progressbar (~> 1.7)
      unicode-display_width (~> 1.0, >= 1.0.1)
    ruby-progressbar (1.8.1)
    unicode-display_width (1.1.2)

PLATFORMS
  ruby

DEPENDENCIES
  bundler (~> 1.10)
  overcommit
  rake (~> 10.0)
  rubocop
  stash-clone-tool!

BUNDLED WITH
   1.13.6
