PATH
  remote: .
  specs:
    stash-clone-tool (1.0.5)
      colorize (~> 0.7.7)
      git (~> 1.2, >= 1.2.9.1)
      highline (~> 1.7, >= 1.7.3)
      multiblock (~> 0.2.1)

GEM
  remote: https://rubygems.org/
  specs:
    colorize (0.7.7)
    git (1.3.0)
    highline (1.7.8)
    multiblock (0.2.1)
    rake (10.5.0)

PLATFORMS
  ruby

DEPENDENCIES
  bundler (~> 1.10)
  rake (~> 10.0)
  stash-clone-tool!

BUNDLED WITH
   1.13.6
